GEM
  remote: https://rubygems.org/
  specs:
    bcrypt (3.1.19)

PLATFORMS
  x86_64-darwin-22

DEPENDENCIES
  bcrypt

BUNDLED WITH
   2.4.20
